PATH
  remote: ../flamegraph
  specs:
    flamegraph (0.1.0)

GEM
  remote: https://rubygems.org/
  specs:
    coderay (1.1.0)
    memory_profiler (0.9.6)
    method_source (0.8.2)
    pry (0.10.3)
      coderay (~> 1.1.0)
      method_source (~> 0.8.1)
      slop (~> 3.4)
    rack (1.6.4)
    rack-mini-profiler (0.9.7)
      rack (>= 1.1.3)
    rack-protection (1.5.3)
      rack
    ruby-prof (0.15.9)
    sinatra (1.4.6)
      rack (~> 1.4)
      rack-protection (~> 1.4)
      tilt (>= 1.3, < 3)
    slop (3.6.0)
    stackprof (0.2.8)
    tilt (2.0.2)

PLATFORMS
  ruby

DEPENDENCIES
  flamegraph!
  memory_profiler!
  pry!
  rack-mini-profiler!
  ruby-prof!
  sinatra (= 1.4.6)!
  stackprof!

BUNDLED WITH
   1.11.0
